GEM
  remote: https://rubygems.org/
  specs:
    puma (6.3.0)

BUNDLED WITH
   2.3.22
