GEM
  remote: https://rubygems.org/
  specs:
    decidim (0.27.0)

BUNDLED WITH
   2.3.22
