GEM
  remote: https://rubygems.org/
  specs:
    discordrb (3.4.2)

BUNDLED WITH
   2.3.22
